PATH
  remote: .
  specs:
    greensms (0.1.0)
      faraday
      json-schema
      rake

GEM
  remote: https://rubygems.org/
  specs:
    addressable (2.7.0)
      public_suffix (>= 2.0.2, < 5.0)
    faraday (1.1.0)
      multipart-post (>= 1.2, < 3)
      ruby2_keywords
    json-schema (2.8.1)
      addressable (>= 2.4)
    minitest (5.14.2)
    multipart-post (2.1.1)
    public_suffix (4.0.6)
    rake (12.3.3)
    ruby2_keywords (0.0.2)

PLATFORMS
  ruby

DEPENDENCIES
  bundler (>= 1.0.0)
  greensms!
  minitest (~> 5.0)
  rake (~> 12.0)

BUNDLED WITH
   2.1.2
